GEM
  remote: https://rubygems.org/
  specs:
    diff-lcs (1.3)
    oedipus_lex (2.5.0)
    racc (1.4.14)
    rake (12.3.0)
    rexical (1.0.5)
    rspec (3.8.0)
      rspec-core (~> 3.8.0)
      rspec-expectations (~> 3.8.0)
      rspec-mocks (~> 3.8.0)
    rspec-core (3.8.0)
      rspec-support (~> 3.8.0)
    rspec-expectations (3.8.1)
      diff-lcs (>= 1.2.0, < 2.0)
      rspec-support (~> 3.8.0)
    rspec-mocks (3.8.0)
      diff-lcs (>= 1.2.0, < 2.0)
      rspec-support (~> 3.8.0)
    rspec-support (3.8.0)

PLATFORMS
  ruby

DEPENDENCIES
  oedipus_lex
  racc
  rake
  rexical
  rspec

BUNDLED WITH
   1.16.1
